GIT
  remote: https://github.com/kenichi/arcgis-ruby.git
  revision: f0fadb9f9c63df889ba01d56e4ef15959d645b71
  branch: gt
  specs:
    arcgis (0.0.15)
      httpclient

GEM
  remote: https://rubygems.org/
  specs:
    angelo (0.0.8)
      reel
    celluloid (0.15.2)
      timers (~> 1.1.0)
    celluloid-io (0.15.0)
      celluloid (>= 0.15.0)
      nio4r (>= 0.5.0)
    celluloid-redis (0.0.2)
      celluloid-io (>= 0.13.0.pre)
      redis
    coderay (1.0.9)
    connection_pool (1.1.0)
    http (0.5.0)
      http_parser.rb
    http_parser.rb (0.6.0.beta.2)
    httpclient (2.3.4.1)
    method_source (0.8.2)
    nio4r (0.5.0)
    pry (0.9.12.2)
      coderay (~> 1.0.5)
      method_source (~> 0.8)
      slop (~> 3.4)
    pry-nav (0.2.3)
      pry (~> 0.9.10)
    redis (3.0.6)
    reel (0.4.0)
      celluloid (>= 0.15.1)
      celluloid-io (>= 0.15.0)
      http (>= 0.5.0)
      http_parser.rb (>= 0.6.0.beta.2)
      websocket_parser (>= 0.1.4)
    slop (3.4.6)
    timers (1.1.0)
    websocket_parser (0.1.4)
      http

PLATFORMS
  ruby

DEPENDENCIES
  angelo
  arcgis!
  celluloid
  celluloid-io
  celluloid-redis
  connection_pool
  httpclient
  pry
  pry-nav
