GIT
  remote: git://github.com/rkh/mustermann.git
  revision: c33eaf7a5ca887056b7ffae5392033ebdc10fd27
  specs:
    mustermann (0.3.0)
      tool (~> 0.2)

GEM
  remote: https://rubygems.org/
  specs:
    angelo (0.1.17)
      mime-types
      reel
    celluloid (0.16.0.pre3)
      timers (~> 4.0.0)
    celluloid-io (0.16.0.pre2)
      celluloid (>= 0.16.0.pre)
      nio4r (>= 1.0.0)
    celluloid-redis (0.0.2)
      celluloid-io (>= 0.13.0.pre)
      redis
    coderay (1.1.0)
    connection_pool (2.0.0)
    geotrigger (0.0.9)
      httpclient
    hitimes (1.2.2)
    http (0.6.2)
      http_parser.rb (~> 0.6.0)
    http_parser.rb (0.6.0)
    httpclient (2.4.0)
    method_source (0.8.2)
    mime-types (2.3)
    nio4r (1.0.0)
    pry (0.10.0)
      coderay (~> 1.1.0)
      method_source (~> 0.8.1)
      slop (~> 3.4)
    pry-nav (0.2.4)
      pry (>= 0.9.10, < 0.11.0)
    redis (3.1.0)
    reel (0.5.0)
      celluloid (>= 0.15.1)
      celluloid-io (>= 0.15.0)
      http (>= 0.6.0.pre)
      http_parser.rb (>= 0.6.0)
      websocket_parser (>= 0.1.6)
    slop (3.6.0)
    terraformer (0.0.7)
    timers (4.0.0)
      hitimes
    tool (0.2.2)
    websocket_parser (0.1.6)

PLATFORMS
  ruby

DEPENDENCIES
  angelo
  celluloid
  celluloid-io
  celluloid-redis
  connection_pool
  geotrigger
  http
  mustermann!
  pry
  pry-nav
  terraformer
